GEM
  remote: http://rubygems.org/
  specs:
    mime-types (1.21)
    rest-client (1.6.7)
      mime-types (>= 1.16)

PLATFORMS
  java
  ruby

DEPENDENCIES
  rest-client
